PATH
  remote: .
  specs:
    biopsy (0.0.0)
      rake (~> 10.1.0)
      rubystats
      threach

GEM
  remote: https://rubygems.org/
  specs:
    ansi (1.4.3)
    colorize (0.5.8)
    coveralls (0.6.7)
      colorize
      multi_json (~> 1.3)
      rest-client
      simplecov (>= 0.7)
      thor
    mime-types (1.23)
    multi_json (1.7.7)
    rake (10.1.0)
    rest-client (1.6.7)
      mime-types (>= 1.16)
    rubystats (0.2.3)
    shoulda-context (1.1.5)
    simplecov (0.7.1)
      multi_json (~> 1.0)
      simplecov-html (~> 0.7.1)
    simplecov-html (0.7.1)
    thor (0.16.0)
    threach (0.2.0)
    turn (0.9.6)
      ansi

PLATFORMS
  ruby

DEPENDENCIES
  biopsy!
  coveralls (~> 0.6.7)
  shoulda-context
  simplecov
  turn
