PATH
  remote: .
  specs:
    biopsy (0.2.0)
      rake (~> 10.4, >= 10.4.2)
      rubystats (~> 0.2, >= 0.2.3)
      statsample (~> 1.4, >= 1.4.3)
      threach (~> 0.2)

GEM
  remote: https://rubygems.org/
  specs:
    ansi (1.5.0)
    awesome_print (1.6.1)
    clbustos-rtf (0.4.2)
    coveralls (0.8.1)
      json (~> 1.8)
      rest-client (>= 1.6.8, < 2)
      simplecov (~> 0.10.0)
      term-ansicolor (~> 1.3)
      thor (~> 0.19.1)
    dirty-memoize (0.0.4)
    distribution (0.7.3)
    docile (1.1.5)
    domain_name (0.5.24)
      unf (>= 0.0.5, < 1.0.0)
    extendmatrix (0.4)
    http-cookie (1.0.2)
      domain_name (~> 0.5)
    json (1.8.3)
    mime-types (2.6.1)
    minimization (0.2.3)
      text-table (~> 1.2)
    minitest (4.7.5)
    netrc (0.10.3)
    prawn (0.8.4)
      prawn-core (>= 0.8.4, < 0.9)
      prawn-layout (>= 0.8.4, < 0.9)
      prawn-security (>= 0.8.4, < 0.9)
    prawn-core (0.8.4)
    prawn-layout (0.8.4)
    prawn-security (0.8.4)
    prawn-svg (0.9.1.11)
      prawn (>= 0.8.4)
    rake (10.4.2)
    reportbuilder (1.4.2)
      clbustos-rtf (~> 0.4.0)
      prawn (~> 0.8.4)
      prawn-svg (~> 0.9.1)
      text-table (~> 1.2)
    rest-client (1.8.0)
      http-cookie (>= 1.0.2, < 2.0)
      mime-types (>= 1.16, < 3.0)
      netrc (~> 0.7)
    rserve-client (0.3.1)
    ruby-ole (1.2.11.8)
    rubystats (0.2.3)
    rubyvis (0.5.2)
    shoulda-context (1.2.1)
    simplecov (0.10.0)
      docile (~> 1.1.0)
      json (~> 1.8)
      simplecov-html (~> 0.10.0)
    simplecov-html (0.10.0)
    spreadsheet (0.6.9)
      ruby-ole (>= 1.0)
    statsample (1.4.3)
      awesome_print (~> 1.6)
      dirty-memoize (~> 0.0.4)
      distribution (~> 0.7)
      extendmatrix (~> 0.3)
      minimization (~> 0.2)
      reportbuilder (~> 1.4)
      rserve-client (~> 0.3)
      rubyvis (~> 0.5.0)
      spreadsheet (~> 0.6.5)
    term-ansicolor (1.3.0)
      tins (~> 1.0)
    text-table (1.2.4)
    thor (0.19.1)
    threach (0.2.0)
    tins (1.5.2)
    turn (0.9.7)
      ansi
      minitest (~> 4)
    unf (0.1.4)
      unf_ext
    unf_ext (0.0.7.1)

PLATFORMS
  ruby

DEPENDENCIES
  biopsy!
  coveralls (~> 0.8)
  minitest
  shoulda-context
  simplecov
  turn (~> 0.9)
