PATH
  remote: .
  specs:
    biopsy (0.1.9)
      rake (~> 10.1)
      rubystats
      statsample
      threach

GEM
  remote: https://rubygems.org/
  specs:
    ansi (1.4.3)
    clbustos-rtf (0.4.2)
    coveralls (0.6.9)
      multi_json (~> 1.3)
      rest-client
      simplecov (>= 0.7)
      term-ansicolor
      thor
    dirty-memoize (0.0.4)
    distribution (0.7.0)
    docile (1.1.3)
    extendmatrix (0.3.1)
    fastercsv (1.5.5)
    mime-types (2.2)
    minimization (0.2.1)
      text-table (~> 1.2)
    minitest (4.7.5)
    multi_json (1.9.2)
    prawn (0.8.4)
      prawn-core (>= 0.8.4, < 0.9)
      prawn-layout (>= 0.8.4, < 0.9)
      prawn-security (>= 0.8.4, < 0.9)
    prawn-core (0.8.4)
    prawn-layout (0.8.4)
    prawn-security (0.8.4)
    prawn-svg (0.9.1.11)
      prawn (>= 0.8.4)
    rake (10.3.1)
    reportbuilder (1.4.2)
      clbustos-rtf (~> 0.4.0)
      prawn (~> 0.8.4)
      prawn-svg (~> 0.9.1)
      text-table (~> 1.2)
    rest-client (1.6.7)
      mime-types (>= 1.16)
    rserve-client (0.2.5)
    ruby-ole (1.2.11.7)
    rubystats (0.2.3)
    rubyvis (0.6.0)
    shoulda-context (1.2.1)
    simplecov (0.8.2)
      docile (~> 1.1.0)
      multi_json
      simplecov-html (~> 0.8.0)
    simplecov-html (0.8.0)
    spreadsheet (0.6.9)
      ruby-ole (>= 1.0)
    statsample (1.3.0)
      dirty-memoize (~> 0.0)
      distribution (~> 0.6)
      extendmatrix (~> 0.3.1)
      fastercsv (> 0)
      minimization (~> 0.2.0)
      reportbuilder (~> 1.4)
      rserve-client (~> 0.2.5)
      rubyvis (~> 0.5)
      spreadsheet (~> 0.6.5)
      statsample-bivariate-extension (> 0)
    statsample-bivariate-extension (1.1.0)
      distribution (~> 0.6)
    term-ansicolor (1.3.0)
      tins (~> 1.0)
    text-table (1.2.3)
    thor (0.19.1)
    threach (0.2.0)
    tins (1.1.0)
    turn (0.9.7)
      ansi
      minitest (~> 4)

PLATFORMS
  ruby

DEPENDENCIES
  biopsy!
  coveralls (~> 0.6.7)
  minitest
  shoulda-context
  simplecov
  turn (~> 0.9)
